GEM
  remote: https://rubygems.org/
  specs:
    ast (2.4.0)
    childprocess (0.9.0)
      ffi (~> 1.0, >= 1.0.11)
    coderay (1.1.2)
    ffi (1.10.0)
    jaro_winkler (1.5.2)
    method_source (0.9.2)
    mini_portile2 (2.4.0)
    net_http_ssl_fix (0.0.10)
    nokogiri (1.10.2)
      mini_portile2 (~> 2.4.0)
    parallel (1.15.0)
    parser (2.6.2.0)
      ast (~> 2.4.0)
    pry (0.12.2)
      coderay (~> 1.1.0)
      method_source (~> 0.9.0)
    psych (3.1.0)
    rainbow (3.0.0)
    rake (12.3.2)
    rubocop (0.66.0)
      jaro_winkler (~> 1.5.1)
      parallel (~> 1.10)
      parser (>= 2.5, != 2.5.1.1)
      psych (>= 3.1.0)
      rainbow (>= 2.2.2, < 4.0)
      ruby-progressbar (~> 1.7)
      unicode-display_width (>= 1.4.0, < 1.6)
    ruby-progressbar (1.10.0)
    rubyzip (1.2.2)
    selenium-webdriver (3.141.0)
      childprocess (~> 0.5)
      rubyzip (~> 1.2, >= 1.2.2)
    unicode-display_width (1.5.0)
    webdrivers (3.7.1)
      net_http_ssl_fix
      nokogiri (~> 1.6)
      rubyzip (~> 1.0)
      selenium-webdriver (~> 3.0)
    xml-simple (1.1.5)

PLATFORMS
  ruby

DEPENDENCIES
  bundler
  nokogiri
  pry
  rake
  rubocop
  selenium-webdriver
  webdrivers
  xml-simple

BUNDLED WITH
   1.17.3
